NUGET
  remote: https://www.nuget.org/api/v2
    MediaBrowser.Common (3.0.691) - restriction: >= net46
    MediaBrowser.Server.Core (3.0.691) - restriction: >= net46
      MediaBrowser.Common (>= 3.0.691)
